GEM
  remote: https://rubygems.org/
  specs:
    bibtex-ruby (4.4.3)
      latex-decode (~> 0.0)
    docx (0.2.07)
      nokogiri (~> 1.5)
      rubyzip (~> 1.1.6)
    dotenv (2.1.1)
    ethon (0.10.1)
      ffi (>= 1.3.0)
    ezcrypto (0.7.2)
    ffi (1.9.18)
    json (2.1.0)
    latex-decode (0.2.2)
      unicode (~> 0.4)
    mini_portile2 (2.1.0)
    moneta (1.0.0)
    nokogiri (1.7.2)
      mini_portile2 (~> 2.1.0)
    oauth (0.5.3)
    rayyan-formats (0.1.1)
      rayyan-formats-core (~> 0.1.0)
      rayyan-formats-plugins (~> 0.1.0)
      rayyan-scrapers (~> 0.1.0)
    rayyan-formats-core (0.1.6)
    rayyan-formats-plugins (0.1.4)
      bibtex-ruby (~> 4.4)
      docx (~> 0.2.0)
      rayyan-formats-core (~> 0.1.0)
      ref_parsers (~> 0.1.0)
    rayyan-scrapers (0.1.2)
      moneta (~> 1.0)
      nokogiri (~> 1.6)
      rayyan-formats-core (~> 0.1.0)
      typhoeus (~> 1.1)
    ref_parsers (0.1.3)
    rubyzip (1.1.7)
    typhoeus (1.1.2)
      ethon (>= 0.9.0)
    unicode (0.4.4.4)
    uservoice-ruby (0.0.11)
      ezcrypto (>= 0.7.2)
      json (>= 1.7.5)
      oauth (>= 0.4.7)

PLATFORMS
  ruby

DEPENDENCIES
  dotenv
  rayyan-formats
  uservoice-ruby

BUNDLED WITH
   1.14.6
